GEM
  remote: https://rubygems.org/
  specs:
    concurrent-ruby (1.2.2)
    dotenv (2.8.1)
    faker (3.2.0)
      i18n (>= 1.8.11, < 2)
    i18n (1.14.1)
      concurrent-ruby (~> 1.0)
    logger (1.5.3)
    pastel (0.8.0)
      tty-color (~> 0.5)
    rainbow (3.1.1)
    sequel (5.70.0)
    sqlite3 (1.6.3-x86_64-linux)
    tty-color (0.6.0)
    tty-cursor (0.7.1)
    tty-prompt (0.23.1)
      pastel (~> 0.8)
      tty-reader (~> 0.8)
    tty-reader (0.9.0)
      tty-cursor (~> 0.7)
      tty-screen (~> 0.8)
      wisper (~> 2.0)
    tty-screen (0.8.1)
    wisper (2.0.1)

PLATFORMS
  x86_64-linux

DEPENDENCIES
  dotenv
  faker
  logger
  rainbow
  sequel
  sqlite3
  tty-prompt

BUNDLED WITH
   2.4.17
