GEM
  remote: https://rubygems.org/
  specs:
    concurrent-ruby (1.2.2)
    dotenv (2.8.1)
    faker (3.2.0)
      i18n (>= 1.8.11, < 2)
    i18n (1.14.1)
      concurrent-ruby (~> 1.0)
    logger (1.5.3)
    sequel (5.70.0)
    sqlite3 (1.6.3-x86_64-linux)

PLATFORMS
  x86_64-linux

DEPENDENCIES
  dotenv
  faker
  logger
  sequel
  sqlite3

BUNDLED WITH
   2.4.17
